PATH
  remote: .
  specs:
    uls (0.1.0)
      rubyzip (~> 2.3.0)

GEM
  remote: https://rubygems.org/
  specs:
    codecov (0.2.9)
      json
      simplecov
    coderay (1.1.2)
    diff-lcs (1.3)
    docile (1.3.2)
    json (2.3.1)
    method_source (0.9.2)
    pry (0.12.2)
      coderay (~> 1.1.0)
      method_source (~> 0.9.0)
    rake (12.3.3)
    rspec (3.8.0)
      rspec-core (~> 3.8.0)
      rspec-expectations (~> 3.8.0)
      rspec-mocks (~> 3.8.0)
    rspec-core (3.8.0)
      rspec-support (~> 3.8.0)
    rspec-expectations (3.8.3)
      diff-lcs (>= 1.2.0, < 2.0)
      rspec-support (~> 3.8.0)
    rspec-mocks (3.8.0)
      diff-lcs (>= 1.2.0, < 2.0)
      rspec-support (~> 3.8.0)
    rspec-support (3.8.0)
    rubyzip (2.3.0)
    simplecov (0.19.0)
      docile (~> 1.1)
      simplecov-html (~> 0.11)
    simplecov-html (0.12.2)
    timecop (0.9.1)

PLATFORMS
  ruby

DEPENDENCIES
  bundler (~> 1.16)
  codecov (~> 0.2.9)
  pry (~> 0.12.2)
  rake (~> 12.3.3)
  rspec (~> 3.0)
  timecop (~> 0.9.1)
  uls!

BUNDLED WITH
   1.17.2
